GEM
  remote: http://rubygems.org/
  specs:
    RedCloth (4.2.3)
    actionmailer (2.3.8)
      actionpack (= 2.3.8)
    actionpack (2.3.8)
      activesupport (= 2.3.8)
      rack (~> 1.1.0)
    activerecord (2.3.8)
      activesupport (= 2.3.8)
    activeresource (2.3.8)
      activesupport (= 2.3.8)
    activesupport (2.3.8)
    authlogic (2.0.9)
      activesupport
    bullet (1.7.6)
    cap-recipes (0.3.36)
    capistrano (2.5.19)
      highline
      net-scp (>= 1.0.0)
      net-sftp (>= 2.0.0)
      net-ssh (>= 2.0.14)
      net-ssh-gateway (>= 1.0.0)
    capistrano-ext (1.2.1)
      capistrano (>= 1.0.0)
    config_reader (0.0.7)
    configatron (2.2.2)
    factory_girl (1.3.2)
    haml (3.0.12)
    has_slug (0.2.7)
    highline (1.6.1)
    htmlentities (4.2.1)
    mysql (2.8.1)
    net-scp (1.0.4)
      net-ssh (>= 1.99.1)
    net-sftp (2.0.5)
      net-ssh (>= 2.0.9)
    net-ssh (2.0.23)
    net-ssh-gateway (1.0.1)
      net-ssh (>= 1.99.1)
    nokogiri (1.4.2)
    paperclip (2.3.3)
      activerecord
      activesupport
    rack (1.1.0)
    rack-test (0.5.6)
      rack (>= 1.0)
    rails (2.3.8)
      actionmailer (= 2.3.8)
      actionpack (= 2.3.8)
      activerecord (= 2.3.8)
      activeresource (= 2.3.8)
      activesupport (= 2.3.8)
      rake (>= 0.8.3)
    rake (0.8.7)
    rspec (1.3.0)
    rspec-rails (1.3.2)
      rack (>= 1.0.0)
      rspec (>= 1.3.0)
    system_timer (1.0)
    unicode (0.3.1)
    webrat (0.7.1)
      nokogiri (>= 1.2.0)
      rack (>= 1.0)
      rack-test (>= 0.5.3)
    will_paginate (2.3.12)

PLATFORMS
  ruby

DEPENDENCIES
  RedCloth (= 4.2.3)
  authlogic (= 2.0.9)
  bullet (= 1.7.6)
  cap-recipes
  capistrano-ext
  config_reader (= 0.0.7)
  configatron (= 2.2.2)
  factory_girl
  haml (= 3.0.12)
  has_slug (= 0.2.7)
  htmlentities (= 4.2.1)
  mysql (= 2.8.1)
  nokogiri (= 1.4.2)
  paperclip (= 2.3.3)
  rack (= 1.1.0)
  rails (= 2.3.8)
  rspec (= 1.3.0)
  rspec-rails (= 1.3.2)
  system_timer (= 1.0)
  unicode (= 0.3.1)
  webrat
  will_paginate (= 2.3.12)
